GEM
  remote: https://rubygems.org/
  remote: https://rails-assets.org/
  specs:
    actioncable (6.0.6)
      actionpack (= 6.0.6)
      nio4r (~> 2.0)
      websocket-driver (>= 0.6.1)
    actionmailbox (6.0.6)
      actionpack (= 6.0.6)
      activejob (= 6.0.6)
      activerecord (= 6.0.6)
      activestorage (= 6.0.6)
      activesupport (= 6.0.6)
      mail (>= 2.7.1)
    actionmailer (6.0.6)
      actionpack (= 6.0.6)
      actionview (= 6.0.6)
      activejob (= 6.0.6)
      mail (~> 2.5, >= 2.5.4)
      rails-dom-testing (~> 2.0)
    actionpack (6.0.6)
      actionview (= 6.0.6)
      activesupport (= 6.0.6)
      rack (~> 2.0, >= 2.0.8)
      rack-test (>= 0.6.3)
      rails-dom-testing (~> 2.0)
      rails-html-sanitizer (~> 1.0, >= 1.2.0)
    actiontext (6.0.6)
      actionpack (= 6.0.6)
      activerecord (= 6.0.6)
      activestorage (= 6.0.6)
      activesupport (= 6.0.6)
      nokogiri (>= 1.8.5)
    actionview (6.0.6)
      activesupport (= 6.0.6)
      builder (~> 3.1)
      erubi (~> 1.4)
      rails-dom-testing (~> 2.0)
      rails-html-sanitizer (~> 1.1, >= 1.2.0)
    activejob (6.0.6)
      activesupport (= 6.0.6)
      globalid (>= 0.3.6)
    activemodel (6.0.6)
      activesupport (= 6.0.6)
    activerecord (6.0.6)
      activemodel (= 6.0.6)
      activesupport (= 6.0.6)
    activestorage (6.0.6)
      actionpack (= 6.0.6)
      activejob (= 6.0.6)
      activerecord (= 6.0.6)
      marcel (~> 1.0)
    activesupport (6.0.6)
      concurrent-ruby (~> 1.0, >= 1.0.2)
      i18n (>= 0.7, < 2)
      minitest (~> 5.1)
      tzinfo (~> 1.1)
      zeitwerk (~> 2.2, >= 2.2.2)
    addressable (2.8.1)
      public_suffix (>= 2.0.2, < 6.0)
    ast (2.4.2)
    autoprefixer-rails (10.4.7.0)
      execjs (~> 2)
    aws-eventstream (1.2.0)
    aws-partitions (1.611.0)
    aws-sdk-core (3.131.4)
      aws-eventstream (~> 1, >= 1.0.2)
      aws-partitions (~> 1, >= 1.525.0)
      aws-sigv4 (~> 1.1)
      jmespath (~> 1, >= 1.6.1)
    aws-sdk-kms (1.58.0)
      aws-sdk-core (~> 3, >= 3.127.0)
      aws-sigv4 (~> 1.1)
    aws-sdk-s3 (1.114.0)
      aws-sdk-core (~> 3, >= 3.127.0)
      aws-sdk-kms (~> 1)
      aws-sigv4 (~> 1.4)
    aws-sigv4 (1.5.1)
      aws-eventstream (~> 1, >= 1.0.2)
    bcrypt (3.1.18)
    bindex (0.8.1)
    bootstrap (4.6.2)
      autoprefixer-rails (>= 9.1.0)
      popper_js (>= 1.16.1, < 2)
      sassc-rails (>= 2.0.0)
    builder (3.2.4)
    byebug (11.1.3)
    capybara (2.18.0)
      addressable
      mini_mime (>= 0.1.3)
      nokogiri (>= 1.3.3)
      rack (>= 1.0.0)
      rack-test (>= 0.5.4)
      xpath (>= 2.0, < 4.0)
    carrierwave (1.3.2)
      activemodel (>= 4.0.0)
      activesupport (>= 4.0.0)
      mime-types (>= 1.16)
      ssrf_filter (~> 1.0)
    carrierwave-aws (1.4.0)
      aws-sdk-s3 (~> 1.0)
      carrierwave (>= 0.7, < 2.1)
    cliver (0.3.2)
    cocoon (1.2.15)
    coderay (1.1.3)
    coffee-rails (5.0.0)
      coffee-script (>= 2.2.0)
      railties (>= 5.2.0)
    coffee-script (2.4.1)
      coffee-script-source
      execjs
    coffee-script-source (1.12.2)
    concurrent-ruby (1.1.10)
    crass (1.0.6)
    date (3.3.1)
    devise (4.8.1)
      bcrypt (~> 3.0)
      orm_adapter (~> 0.1)
      railties (>= 4.1.0)
      responders
      warden (~> 1.2.3)
    diff-lcs (1.5.0)
    docile (1.1.5)
    dotenv (2.8.1)
    dotenv-rails (2.8.1)
      dotenv (= 2.8.1)
      railties (>= 3.2)
    erubi (1.11.0)
    execjs (2.8.1)
    factory_bot (4.11.1)
      activesupport (>= 3.0.0)
    factory_bot_rails (4.11.1)
      factory_bot (~> 4.11.1)
      railties (>= 3.0.0)
    ffi (1.15.5)
    font-awesome-rails (4.7.0.8)
      railties (>= 3.2, < 8.0)
    friendly_id (5.4.2)
      activerecord (>= 4.0.0)
    globalid (1.0.0)
      activesupport (>= 5.0)
    gritter (1.2.0)
    i18n (1.12.0)
      concurrent-ruby (~> 1.0)
    jbuilder (2.11.5)
      actionview (>= 5.0.0)
      activesupport (>= 5.0.0)
    jmespath (1.6.1)
    jquery-rails (4.5.1)
      rails-dom-testing (>= 1, < 3)
      railties (>= 4.2.0)
      thor (>= 0.14, < 2.0)
    jquery-ui-rails (6.0.1)
      railties (>= 3.2.16)
    json (2.5.1)
    kaminari (1.2.2)
      activesupport (>= 4.1.0)
      kaminari-actionview (= 1.2.2)
      kaminari-activerecord (= 1.2.2)
      kaminari-core (= 1.2.2)
    kaminari-actionview (1.2.2)
      actionview
      kaminari-core (= 1.2.2)
    kaminari-activerecord (1.2.2)
      activerecord
      kaminari-core (= 1.2.2)
    kaminari-core (1.2.2)
    launchy (2.5.0)
      addressable (~> 2.7)
    listen (3.0.8)
      rb-fsevent (~> 0.9, >= 0.9.4)
      rb-inotify (~> 0.9, >= 0.9.7)
    loofah (2.19.1)
      crass (~> 1.0.2)
      nokogiri (>= 1.5.9)
    mail (2.8.0)
      mini_mime (>= 0.1.1)
      net-imap
      net-pop
      net-smtp
    marcel (1.0.2)
    method_source (1.0.0)
    mime-types (3.4.1)
      mime-types-data (~> 3.2015)
    mime-types-data (3.2022.0105)
    mini_magick (4.11.0)
    mini_mime (1.1.2)
    mini_portile2 (2.8.0)
    minitest (5.16.3)
    net-imap (0.3.2)
      date
      net-protocol
    net-pop (0.1.2)
      net-protocol
    net-protocol (0.2.1)
      timeout
    net-smtp (0.3.3)
      net-protocol
    nio4r (2.5.8)
    nokogiri (1.13.10)
      mini_portile2 (~> 2.8.0)
      racc (~> 1.4)
    orm_adapter (0.5.0)
    parallel (1.22.1)
    parser (3.1.2.1)
      ast (~> 2.4.1)
    petergate (1.9.1)
      activerecord (> 4.0.0)
    pg (0.21.0)
    poltergeist (1.18.1)
      capybara (>= 2.1, < 4)
      cliver (~> 0.3.1)
      websocket-driver (>= 0.2.0)
    popper_js (1.16.1)
    public_suffix (5.0.0)
    puma (4.3.12)
      nio4r (~> 2.0)
    racc (1.6.1)
    rack (2.2.4)
    rack-test (2.0.2)
      rack (>= 1.3)
    rails (6.0.6)
      actioncable (= 6.0.6)
      actionmailbox (= 6.0.6)
      actionmailer (= 6.0.6)
      actionpack (= 6.0.6)
      actiontext (= 6.0.6)
      actionview (= 6.0.6)
      activejob (= 6.0.6)
      activemodel (= 6.0.6)
      activerecord (= 6.0.6)
      activestorage (= 6.0.6)
      activesupport (= 6.0.6)
      bundler (>= 1.3.0)
      railties (= 6.0.6)
      sprockets-rails (>= 2.0.0)
    rails-assets-tether (1.4.7)
    rails-controller-testing (1.0.5)
      actionpack (>= 5.0.1.rc1)
      actionview (>= 5.0.1.rc1)
      activesupport (>= 5.0.1.rc1)
    rails-dom-testing (2.0.3)
      activesupport (>= 4.2.0)
      nokogiri (>= 1.6)
    rails-html-sanitizer (1.4.4)
      loofah (~> 2.19, >= 2.19.1)
    railties (6.0.6)
      actionpack (= 6.0.6)
      activesupport (= 6.0.6)
      method_source
      rake (>= 0.8.7)
      thor (>= 0.20.3, < 2.0)
    rainbow (3.1.1)
    rake (13.0.6)
    rb-fsevent (0.11.2)
    rb-inotify (0.10.1)
      ffi (~> 1.0)
    redcarpet (3.5.1)
    redis (3.3.5)
    regexp_parser (2.6.0)
    responders (3.0.1)
      actionpack (>= 5.0)
      railties (>= 5.0)
    rexml (3.2.5)
    rspec-core (3.12.0)
      rspec-support (~> 3.12.0)
    rspec-expectations (3.12.0)
      diff-lcs (>= 1.2.0, < 2.0)
      rspec-support (~> 3.12.0)
    rspec-mocks (3.12.1)
      diff-lcs (>= 1.2.0, < 2.0)
      rspec-support (~> 3.12.0)
    rspec-rails (5.1.2)
      actionpack (>= 5.2)
      activesupport (>= 5.2)
      railties (>= 5.2)
      rspec-core (~> 3.10)
      rspec-expectations (~> 3.10)
      rspec-mocks (~> 3.10)
      rspec-support (~> 3.10)
    rspec-support (3.12.0)
    rubocop (1.37.1)
      json (~> 2.3)
      parallel (~> 1.10)
      parser (>= 3.1.2.1)
      rainbow (>= 2.2.2, < 4.0)
      regexp_parser (>= 1.8, < 3.0)
      rexml (>= 3.2.5, < 4.0)
      rubocop-ast (>= 1.23.0, < 2.0)
      ruby-progressbar (~> 1.7)
      unicode-display_width (>= 1.4.0, < 3.0)
    rubocop-ast (1.23.0)
      parser (>= 3.1.1.0)
    rubocop-rails (2.17.2)
      activesupport (>= 4.2.0)
      rack (>= 1.1)
      rubocop (>= 1.33.0, < 2.0)
    rubocop-rspec (2.3.0)
      rubocop (~> 1.0)
      rubocop-ast (>= 1.1.0)
    ruby-progressbar (1.11.0)
    sass (3.7.4)
      sass-listen (~> 4.0.0)
    sass-listen (4.0.0)
      rb-fsevent (~> 0.9, >= 0.9.4)
      rb-inotify (~> 0.9, >= 0.9.7)
    sass-rails (5.1.0)
      railties (>= 5.2.0)
      sass (~> 3.1)
      sprockets (>= 2.8, < 4.0)
      sprockets-rails (>= 2.0, < 4.0)
      tilt (>= 1.1, < 3)
    sassc (2.4.0)
      ffi (~> 1.9)
    sassc-rails (2.1.2)
      railties (>= 4.0.0)
      sassc (>= 2.0)
      sprockets (> 3.0)
      sprockets-rails
      tilt
    simplecov (0.13.0)
      docile (~> 1.1.0)
      json (>= 1.8, < 3)
      simplecov-html (~> 0.10.0)
    simplecov-html (0.10.2)
    site_prism (2.17.1)
      addressable (~> 2.4)
      capybara (>= 2.15, < 3.6)
    spring (2.1.1)
    spring-watcher-listen (2.0.1)
      listen (>= 2.7, < 4.0)
      spring (>= 1.2, < 3.0)
    sprockets (3.7.2)
      concurrent-ruby (~> 1.0)
      rack (> 1, < 3)
    sprockets-rails (3.4.2)
      actionpack (>= 5.2)
      activesupport (>= 5.2)
      sprockets (>= 3.0.0)
    ssrf_filter (1.0.7)
    thor (1.2.1)
    thread_safe (0.3.6)
    tilt (2.0.11)
    timeout (0.3.1)
    turbolinks (5.2.1)
      turbolinks-source (~> 5.2)
    turbolinks-source (5.2.0)
    tzinfo (1.2.10)
      thread_safe (~> 0.1)
    uglifier (4.2.0)
      execjs (>= 0.3.0, < 3)
    unicode-display_width (2.3.0)
    warden (1.2.9)
      rack (>= 2.0.9)
    web-console (4.2.0)
      actionview (>= 6.0.0)
      activemodel (>= 6.0.0)
      bindex (>= 0.4.0)
      railties (>= 6.0.0)
    websocket-driver (0.7.5)
      websocket-extensions (>= 0.1.0)
    websocket-extensions (0.1.5)
    xpath (3.2.0)
      nokogiri (~> 1.8)
    zeitwerk (2.6.6)

PLATFORMS
  ruby

DEPENDENCIES
  bootstrap (~> 4.6, >= 4.6.2)
  byebug
  capybara (~> 2.18, >= 2.18.0)
  carrierwave (~> 1.3, >= 1.3.2)
  carrierwave-aws (~> 1.4, >= 1.4.0)
  cocoon (~> 1.2, >= 1.2.9)
  coderay (~> 1.1, >= 1.1.1)
  coffee-rails (~> 5.0, >= 5.0.0)
  devise (~> 4.8, >= 4.8.1)
  dotenv-rails (~> 2.8, >= 2.8.1)
  factory_bot_rails (~> 4.11, >= 4.11.1)
  font-awesome-rails (~> 4.7, >= 4.7.0.8)
  friendly_id (~> 5.4, >= 5.4.2)
  gritter (~> 1.2)
  jbuilder (~> 2.11, >= 2.11.5)
  jquery-rails (>= 4.5.0)
  jquery-ui-rails (~> 6.0, >= 6.0.1)
  kaminari (~> 1.2, >= 1.2.2)
  launchy (~> 2.5, >= 2.5.0)
  listen (~> 3.0.5)
  mini_magick (~> 4.9, >= 4.9.4)
  petergate (~> 1.9, >= 1.9.1)
  pg (~> 0.18)
  poltergeist (~> 1.18, >= 1.18.1)
  puma (~> 4.3, >= 4.3.12)
  rails (~> 6.0.6)
  rails-assets-tether (>= 1.3.3)!
  rails-controller-testing (~> 1.0, >= 1.0.5)
  redcarpet (~> 3.5, >= 3.5.1)
  redis (~> 3.3, >= 3.3.3)
  rspec-rails (~> 5.1, >= 5.1.2)
  rubocop (~> 1.11, >= 1.11.0)
  rubocop-rails (~> 2.10, >= 2.10.1)
  rubocop-rspec (~> 2.2, >= 2.2.0)
  sass-rails (~> 5.1, >= 5.1.0)
  simplecov (~> 0.13.0)
  site_prism (~> 2.17, >= 2.17.1)
  spring (>= 2.0.1)
  spring-watcher-listen (~> 2.0.1)
  turbolinks (~> 5)
  uglifier (>= 1.3.0)
  web-console (>= 4.2.0)

RUBY VERSION
   ruby 2.7.3

BUNDLED WITH
   2.1.4
